PATH
  remote: .
  specs:
    remote_association (0.0.2)
      activerecord (~> 3.2)
      activeresource (~> 3.2)
      activesupport (~> 3.2)

GEM
  remote: https://rubygems.org/
  specs:
    activemodel (3.2.8)
      activesupport (= 3.2.8)
      builder (~> 3.0.0)
    activerecord (3.2.8)
      activemodel (= 3.2.8)
      activesupport (= 3.2.8)
      arel (~> 3.0.2)
      tzinfo (~> 0.3.29)
    activeresource (3.2.8)
      activemodel (= 3.2.8)
      activesupport (= 3.2.8)
    activesupport (3.2.8)
      i18n (~> 0.6)
      multi_json (~> 1.0)
    arel (3.0.2)
    builder (3.0.0)
    database_cleaner (0.8.0)
    diff-lcs (1.1.3)
    fakeweb (1.3.0)
    i18n (0.6.0)
    multi_json (1.3.6)
    pg (0.14.0)
    rake (0.9.2.2)
    rspec (2.11.0)
      rspec-core (~> 2.11.0)
      rspec-expectations (~> 2.11.0)
      rspec-mocks (~> 2.11.0)
    rspec-core (2.11.1)
    rspec-expectations (2.11.2)
      diff-lcs (~> 1.1.3)
    rspec-mocks (2.11.2)
    tzinfo (0.3.33)

PLATFORMS
  ruby

DEPENDENCIES
  database_cleaner (~> 0.8)
  fakeweb
  pg (~> 0.14)
  rake
  remote_association!
  rspec (~> 2.11)
